GEM
  remote: https://rubygems.org/
  specs:
    actionmailer (2.2.3)
      actionpack (= 2.2.3)
    actionpack (2.2.3)
      activesupport (= 2.2.3)
    activerecord (2.2.3)
      activesupport (= 2.2.3)
    activerecord-mysql2-adapter (0.0.3)
      mysql2
    activeresource (2.2.3)
      activesupport (= 2.2.3)
    activesupport (2.2.3)
    mysql2 (0.3.11)
    rails (2.2.3)
      actionmailer (= 2.2.3)
      actionpack (= 2.2.3)
      activerecord (= 2.2.3)
      activeresource (= 2.2.3)
      activesupport (= 2.2.3)
      rake (>= 0.8.3)
    rake (10.0.3)
    rdoc (2.4.3)

PLATFORMS
  ruby

DEPENDENCIES
  activerecord-mysql2-adapter
  mysql2
  rails (~> 2.2.3)
  rake (>= 0.9.2.2)
  rdoc (~> 2.4.2)
